GIT
  remote: git://github.com/kaspernj/best_practice_project.git
  revision: cf3a8e27b173540118278331a58177c5a8d857cc
  specs:
    best_practice_project (0.0.9)
      auto_autoloader

GIT
  remote: https://github.com/kaspernj/baza.git
  revision: 18f3235a9a57319fceceea191df578de95bd46a7
  specs:
    baza (0.0.36)
      array_enumerator (~> 0.0.10)
      auto_autoloader (~> 0.0.5)
      datet (~> 0.0.25)
      event_handler (~> 0.0.0)
      simple_delegate (~> 0.0.2)
      string-cases (~> 0.0.4)
      wref (~> 0.0.8)

GEM
  remote: http://rubygems.org/
  specs:
    activesupport (4.2.4)
      i18n (~> 0.7)
      json (~> 1.7, >= 1.7.7)
      minitest (~> 5.1)
      thread_safe (~> 0.3, >= 0.3.4)
      tzinfo (~> 1.1)
    addressable (2.4.0)
    array_enumerator (0.0.10)
    ast (2.2.0)
    auto_autoloader (0.0.5)
      string-cases
    builder (3.2.3)
    datet (0.0.25)
    descendants_tracker (0.0.4)
      thread_safe (~> 0.3, >= 0.3.1)
    diff-lcs (1.3)
    event_handler (0.0.0)
    factory_girl (4.5.0)
      activesupport (>= 3.0.0)
    faraday (0.9.2)
      multipart-post (>= 1.2, < 3)
    git (1.3.0)
    github_api (0.16.0)
      addressable (~> 2.4.0)
      descendants_tracker (~> 0.0.4)
      faraday (~> 0.8, < 0.10)
      hashie (>= 3.4)
      mime-types (>= 1.16, < 3.0)
      oauth2 (~> 1.0)
    hashie (3.5.5)
    highline (1.7.8)
    html_gen (0.0.16)
      string-cases
    i18n (0.7.0)
    jar-dependencies (0.3.11)
    jdbc-sqlite3 (3.28.0)
    jeweler (2.3.6)
      builder
      bundler (>= 1)
      git (>= 1.2.5)
      github_api (~> 0.16.0)
      highline (>= 1.6.15)
      nokogiri (>= 1.5.10)
      psych (~> 2.2)
      rake
      rdoc
      semver2
    json (1.8.6)
    json (1.8.6-java)
    jwt (1.5.6)
    mime-types (2.99.3)
    mini_portile2 (2.4.0)
    minitest (5.8.0)
    multi_json (1.12.1)
    multi_xml (0.6.0)
    multipart-post (2.0.0)
    nokogiri (1.10.4)
      mini_portile2 (~> 2.4.0)
    nokogiri (1.10.4-java)
    oauth2 (1.3.1)
      faraday (>= 0.8, < 0.12)
      jwt (~> 1.0)
      multi_json (~> 1.3)
      multi_xml (~> 0.5)
      rack (>= 1.2, < 3)
    orm_adapter (0.5.0)
    parser (2.3.0.2)
      ast (~> 2.2)
    powerpack (0.1.1)
    psych (2.2.4)
    psych (2.2.4-java)
      jar-dependencies (>= 0.1.7)
    rack (2.0.7)
    rainbow (2.1.0)
    rake (12.0.0)
    rdoc (3.12.2)
      json (~> 1.4)
    rspec (3.6.0)
      rspec-core (~> 3.6.0)
      rspec-expectations (~> 3.6.0)
      rspec-mocks (~> 3.6.0)
    rspec-core (3.6.0)
      rspec-support (~> 3.6.0)
    rspec-expectations (3.6.0)
      diff-lcs (>= 1.2.0, < 2.0)
      rspec-support (~> 3.6.0)
    rspec-mocks (3.6.0)
      diff-lcs (>= 1.2.0, < 2.0)
      rspec-support (~> 3.6.0)
    rspec-support (3.6.0)
    rubocop (0.37.0)
      parser (>= 2.3.0.2, < 3.0)
      powerpack (~> 0.1)
      rainbow (>= 1.99.1, < 3.0)
      ruby-progressbar (~> 1.7)
      unicode-display_width (~> 0.3)
    ruby-progressbar (1.7.5)
    semver2 (3.4.2)
    simple_delegate (0.0.2)
    sqlite3 (1.4.1)
    string-cases (0.0.4)
    thread_safe (0.3.5)
    thread_safe (0.3.5-java)
    tzinfo (1.2.2)
      thread_safe (~> 0.1)
    unicode-display_width (0.3.1)
    wref (0.0.8)

PLATFORMS
  java
  ruby

DEPENDENCIES
  array_enumerator (>= 0.0.10)
  auto_autoloader (>= 0.0.1)
  baza!
  best_practice_project!
  bundler (~> 1.0)
  factory_girl
  html_gen (>= 0.0.12)
  jdbc-sqlite3
  jeweler (= 2.3.6)
  orm_adapter
  rdoc (~> 3.12)
  rspec (= 3.6.0)
  rubocop (= 0.37.0)
  simple_delegate (>= 0.0.2)
  sqlite3
  string-cases (>= 0.0.3)

BUNDLED WITH
   1.16.2
