GIT
  remote: https://github.com/kaspernj/baza.git
  revision: d5d291c17f606d9e276648d8300d8b12c947d6aa
  specs:
    baza (0.0.39)
      array_enumerator (>= 0.0.10)
      auto_autoloader (>= 0.0.5)
      datet (>= 0.0.25)
      event_handler
      simple_delegate (>= 0.0.2)
      string-cases (>= 0.0.4)
      wref (>= 0.0.11)

GEM
  remote: http://rubygems.org/
  specs:
    appraisal (2.5.0)
      bundler
      rake
      thor (>= 0.14.0)
    array_enumerator (0.0.10)
    ast (2.4.3)
    auto_autoloader (0.0.5)
      string-cases
    best_practice_project (0.0.12)
      auto_autoloader (>= 0.0.5)
    date (3.4.1)
    date (3.4.1-java)
    datet (0.0.25)
    diff-lcs (1.5.1)
    erb (5.0.2)
    erb (5.0.2-java)
    event_handler (0.0.0)
    html_gen (0.0.16)
      string-cases
    jar-dependencies (0.5.5)
    jdbc-sqlite3 (3.42.0.0)
    json (2.11.3)
    json (2.11.3-java)
    language_server-protocol (3.17.0.4)
    lint_roller (1.1.0)
    orm_adapter (0.5.0)
    parallel (1.27.0)
    parser (3.3.8.0)
      ast (~> 2.4.1)
      racc
    prism (1.4.0)
    psych (5.2.6)
      date
      stringio
    psych (5.2.6-java)
      date
      jar-dependencies (>= 0.1.7)
    racc (1.8.1)
    racc (1.8.1-java)
    rainbow (3.1.1)
    rake (13.1.0)
    rdoc (6.14.2)
      erb
      psych (>= 4.0.0)
    ref (2.0.0)
    regexp_parser (2.10.0)
    rspec (3.13.0)
      rspec-core (~> 3.13.0)
      rspec-expectations (~> 3.13.0)
      rspec-mocks (~> 3.13.0)
    rspec-core (3.13.0)
      rspec-support (~> 3.13.0)
    rspec-expectations (3.13.0)
      diff-lcs (>= 1.2.0, < 2.0)
      rspec-support (~> 3.13.0)
    rspec-mocks (3.13.0)
      diff-lcs (>= 1.2.0, < 2.0)
      rspec-support (~> 3.13.0)
    rspec-support (3.13.1)
    rubocop (1.75.4)
      json (~> 2.3)
      language_server-protocol (~> 3.17.0.2)
      lint_roller (~> 1.1.0)
      parallel (~> 1.10)
      parser (>= 3.3.0.2)
      rainbow (>= 2.2.2, < 4.0)
      regexp_parser (>= 2.9.3, < 3.0)
      rubocop-ast (>= 1.44.0, < 2.0)
      ruby-progressbar (~> 1.7)
      unicode-display_width (>= 2.4.0, < 4.0)
    rubocop-ast (1.44.1)
      parser (>= 3.3.7.2)
      prism (~> 1.4)
    rubocop-factory_bot (2.27.1)
      lint_roller (~> 1.1)
      rubocop (~> 1.72, >= 1.72.1)
    rubocop-performance (1.25.0)
      lint_roller (~> 1.1)
      rubocop (>= 1.75.0, < 2.0)
      rubocop-ast (>= 1.38.0, < 2.0)
    rubocop-rake (0.7.1)
      lint_roller (~> 1.1)
      rubocop (>= 1.72.1)
    rubocop-rspec (3.6.0)
      lint_roller (~> 1.1)
      rubocop (~> 1.72, >= 1.72.1)
    ruby-progressbar (1.13.0)
    simple_delegate (0.0.4)
    string-cases (0.0.4)
    stringio (3.1.7)
    thor (1.3.0)
    unicode-display_width (3.1.4)
      unicode-emoji (~> 4.0, >= 4.0.4)
    unicode-emoji (4.0.4)
    wref (0.0.11)
      ref

PLATFORMS
  java
  x86_64-linux

DEPENDENCIES
  appraisal
  array_enumerator
  auto_autoloader
  baza!
  best_practice_project
  bundler
  html_gen
  jdbc-sqlite3
  orm_adapter
  rdoc
  rspec
  rubocop
  rubocop-factory_bot
  rubocop-performance
  rubocop-rake
  rubocop-rspec
  simple_delegate
  string-cases

BUNDLED WITH
   2.2.28
