GIT
  remote: https://github.com/kaspernj/baza.git
  revision: 67f9172f4c618ad092173269fd25dff41d3a646a
  specs:
    baza (0.0.37)
      array_enumerator (~> 0.0.10)
      auto_autoloader (~> 0.0.5)
      datet (~> 0.0.25)
      event_handler (~> 0.0.0)
      simple_delegate (~> 0.0.2)
      string-cases (~> 0.0.4)
      wref (~> 0.0.8)

GEM
  remote: http://rubygems.org/
  specs:
    activesupport (6.1.3.2)
      concurrent-ruby (~> 1.0, >= 1.0.2)
      i18n (>= 1.6, < 2)
      minitest (>= 5.1)
      tzinfo (~> 2.0)
      zeitwerk (~> 2.3)
    addressable (2.8.0)
      public_suffix (>= 2.0.2, < 5.0)
    array_enumerator (0.0.10)
    ast (2.4.2)
    auto_autoloader (0.0.5)
      string-cases
    best_practice_project (0.0.12)
      auto_autoloader (>= 0.0.5)
    builder (3.2.3)
    concurrent-ruby (1.1.8)
    datet (0.0.25)
    descendants_tracker (0.0.4)
      thread_safe (~> 0.3, >= 0.3.1)
    diff-lcs (1.4.4)
    event_handler (0.0.0)
    factory_bot (6.2.0)
      activesupport (>= 5.0.0)
    faraday (0.17.0)
      multipart-post (>= 1.2, < 3)
    git (1.5.0)
    github_api (0.18.2)
      addressable (~> 2.4)
      descendants_tracker (~> 0.0.4)
      faraday (~> 0.8)
      hashie (~> 3.5, >= 3.5.2)
      oauth2 (~> 1.0)
    hashie (3.6.0)
    highline (2.0.3)
    html_gen (0.0.16)
      string-cases
    i18n (1.8.10)
      concurrent-ruby (~> 1.0)
    jar-dependencies (0.4.0)
    jdbc-sqlite3 (3.28.0)
    juwelier (2.4.9)
      builder
      bundler
      git
      github_api
      highline
      kamelcase (~> 0)
      nokogiri
      psych
      rake
      rdoc
      semver2
    jwt (2.2.1)
    kamelcase (0.0.2)
      semver2 (~> 3)
    mini_portile2 (2.6.1)
    minitest (5.14.4)
    multi_json (1.14.1)
    multi_xml (0.6.0)
    multipart-post (2.1.1)
    nokogiri (1.12.5)
      mini_portile2 (~> 2.6.1)
      racc (~> 1.4)
    nokogiri (1.12.5-java)
      racc (~> 1.4)
    oauth2 (1.4.2)
      faraday (>= 0.8, < 2.0)
      jwt (>= 1.0, < 3.0)
      multi_json (~> 1.3)
      multi_xml (~> 0.5)
      rack (>= 1.2, < 3)
    orm_adapter (0.5.0)
    parallel (1.21.0)
    parser (3.0.2.0)
      ast (~> 2.4.1)
    psych (3.1.0)
    psych (3.1.0-java)
      jar-dependencies (>= 0.1.7)
    public_suffix (4.0.6)
    racc (1.5.2)
    racc (1.5.2-java)
    rack (2.2.3)
    rainbow (3.0.0)
    rake (13.0.0)
    rdoc (6.3.2)
    regexp_parser (2.1.1)
    rexml (3.2.5)
    rspec (3.10.0)
      rspec-core (~> 3.10.0)
      rspec-expectations (~> 3.10.0)
      rspec-mocks (~> 3.10.0)
    rspec-core (3.10.0)
      rspec-support (~> 3.10.0)
    rspec-expectations (3.10.0)
      diff-lcs (>= 1.2.0, < 2.0)
      rspec-support (~> 3.10.0)
    rspec-mocks (3.10.0)
      diff-lcs (>= 1.2.0, < 2.0)
      rspec-support (~> 3.10.0)
    rspec-support (3.10.0)
    rubocop (1.22.0)
      parallel (~> 1.10)
      parser (>= 3.0.0.0)
      rainbow (>= 2.2.2, < 4.0)
      regexp_parser (>= 1.8, < 3.0)
      rexml
      rubocop-ast (>= 1.12.0, < 2.0)
      ruby-progressbar (~> 1.7)
      unicode-display_width (>= 1.4.0, < 3.0)
    rubocop-ast (1.12.0)
      parser (>= 3.0.1.1)
    rubocop-performance (1.11.5)
      rubocop (>= 1.7.0, < 2.0)
      rubocop-ast (>= 0.4.0)
    rubocop-rspec (2.5.0)
      rubocop (~> 1.19)
    ruby-progressbar (1.11.0)
    semver2 (3.4.2)
    simple_delegate (0.0.2)
    sqlite3 (1.4.2)
    string-cases (0.0.4)
    thread_safe (0.3.6)
    thread_safe (0.3.6-java)
    tzinfo (2.0.4)
      concurrent-ruby (~> 1.0)
    unicode-display_width (2.1.0)
    wref (0.0.8)
    zeitwerk (2.4.2)

PLATFORMS
  java
  ruby

DEPENDENCIES
  array_enumerator
  auto_autoloader
  baza!
  best_practice_project
  bundler
  factory_bot
  html_gen
  jdbc-sqlite3
  juwelier
  orm_adapter
  rdoc
  rspec
  rubocop
  rubocop-performance
  rubocop-rspec
  simple_delegate
  sqlite3
  string-cases

BUNDLED WITH
   2.2.28
